GEM
  remote: https://rubygems.org/
  specs:
    bio (1.4.3.0001)
    json (1.8.0)
    terminal-table (1.4.5)

PLATFORMS
  ruby

DEPENDENCIES
  bio
  json
  terminal-table
